GEM
  remote: https://rubygems.org/
  specs:
    activesupport (5.0.1)
      concurrent-ruby (~> 1.0, >= 1.0.2)
      i18n (~> 0.7)
      minitest (~> 5.1)
      tzinfo (~> 1.1)
    addressable (2.5.0)
      public_suffix (~> 2.0, >= 2.0.2)
    concurrent-ruby (1.0.4)
    groupdate (3.2.0)
      activesupport (>= 3)
    i18n (0.7.0)
    launchy (2.4.3)
      addressable (~> 2.3)
    memoist (0.14.0)
    minitest (5.10.1)
    parallel (1.9.0)
    public_suffix (2.0.4)
    ruby-progressbar (1.8.1)
    thread_safe (0.3.5)
    tzinfo (1.2.2)
      thread_safe (~> 0.1)

PLATFORMS
  ruby

DEPENDENCIES
  activesupport
  groupdate
  launchy
  memoist
  parallel
  ruby-progressbar

BUNDLED WITH
   1.12.5
