GEM
  remote: https://rubygems.org/
  specs:
    activesupport (5.0.1)
      concurrent-ruby (~> 1.0, >= 1.0.2)
      i18n (~> 0.7)
      minitest (~> 5.1)
      tzinfo (~> 1.1)
    addressable (2.5.0)
      public_suffix (~> 2.0, >= 2.0.2)
    ast (2.3.0)
    concurrent-ruby (1.0.4)
    groupdate (3.2.0)
      activesupport (>= 3)
    i18n (0.7.0)
    launchy (2.4.3)
      addressable (~> 2.3)
    memoist (0.14.0)
    minitest (5.10.1)
    parallel (1.9.0)
    parser (2.3.3.1)
      ast (~> 2.2)
    powerpack (0.1.1)
    public_suffix (2.0.4)
    rainbow (2.2.1)
    rubocop (0.46.0)
      parser (>= 2.3.1.1, < 3.0)
      powerpack (~> 0.1)
      rainbow (>= 1.99.1, < 3.0)
      ruby-progressbar (~> 1.7)
      unicode-display_width (~> 1.0, >= 1.0.1)
    ruby-progressbar (1.8.1)
    thread_safe (0.3.5)
    tzinfo (1.2.2)
      thread_safe (~> 0.1)
    unicode-display_width (1.1.2)

PLATFORMS
  ruby

DEPENDENCIES
  activesupport
  groupdate
  launchy
  memoist
  parallel
  rubocop
  ruby-progressbar

BUNDLED WITH
   1.12.5
